PATH
  remote: .
  specs:
    crystal_gem_demo (0.1)

GEM
  remote: https://rubygems.org/
  specs:
    rake (13.0.1)
    rake-compiler (1.1.0)
      rake

PLATFORMS
  ruby

DEPENDENCIES
  crystal_gem_demo!
  rake-compiler

BUNDLED WITH
   1.17.3
